PATH
  remote: .
  specs:
    optimize-js (1.0.1)
      execjs (>= 1)

GEM
  remote: https://rubygems.org/
  specs:
    appraisal (2.1.0)
      bundler
      rake
      thor (>= 0.14.0)
    execjs (2.7.0)
    power_assert (0.3.1)
    rake (10.5.0)
    test-unit (3.1.9)
      power_assert
    thor (0.19.4)

PLATFORMS
  ruby

DEPENDENCIES
  appraisal (~> 2.1)
  bundler (~> 1.7)
  optimize-js!
  rake (~> 10.0)
  test-unit (~> 3.1)

BUNDLED WITH
   1.13.2
